PATH
  remote: ../bloc_record_v2
  specs:
    bloc_record (0.0.0)
      sqlite3 (~> 1.4)

GEM
  remote: https://rubygems.org/
  specs:
    sqlite3 (1.4.0)

PLATFORMS
  ruby

DEPENDENCIES
  bloc_record!

BUNDLED WITH
   1.16.1
